GEM
  remote: https://rubygems.org/
  specs:
    byebug (3.5.1)
      columnize (~> 0.8)
      debugger-linecache (~> 1.2)
      slop (~> 3.6)
    columnize (0.9.0)
    debugger-linecache (1.2.0)
    diff-lcs (1.2.5)
    power_assert (0.2.2)
    rspec (3.1.0)
      rspec-core (~> 3.1.0)
      rspec-expectations (~> 3.1.0)
      rspec-mocks (~> 3.1.0)
    rspec-core (3.1.7)
      rspec-support (~> 3.1.0)
    rspec-deep-matchers (0.0.2)
      rspec (>= 2.0.0)
    rspec-expectations (3.1.2)
      diff-lcs (>= 1.2.0, < 2.0)
      rspec-support (~> 3.1.0)
    rspec-mocks (3.1.3)
      rspec-support (~> 3.1.0)
    rspec-support (3.1.2)
    sequel (4.18.0)
    slop (3.6.0)
    sqlite3 (1.3.10)
    test-unit (3.0.8)
      power_assert

PLATFORMS
  ruby

DEPENDENCIES
  byebug
  rspec
  rspec-deep-matchers
  sequel
  sqlite3
  test-unit
